PATH
  remote: .
  specs:
    solar_system (0.1.0)

GEM
  remote: https://rubygems.org/
  specs:
    rake (10.4.2)

PLATFORMS
  ruby

DEPENDENCIES
  bundler (~> 1.16)
  rake (~> 10.0)
  solar_system!

BUNDLED WITH
   1.16.4
