PATH
  remote: .
  specs:
    solar_system (0.1.0)

GEM
  remote: https://rubygems.org/
  specs:
    coderay (1.1.2)
    method_source (0.9.0)
    nokogiri (1.5.6)
    pry (0.11.3)
      coderay (~> 1.1.0)
      method_source (~> 0.9.0)
    rake (10.4.2)

PLATFORMS
  ruby

DEPENDENCIES
  bundler (~> 1.16)
  nokogiri
  pry
  rake (~> 10.0)
  solar_system!

BUNDLED WITH
   1.16.4
